RESTRICTION: == net45
NUGET
  remote: https://www.nuget.org/api/v2
    FAKE (4.64.6)
    FSharp.Compiler.Service (2.0.0.6)
    FSharp.Control.AsyncSeq (2.0.20)
      FSharp.Core (>= 3.1.2)
      System.ValueTuple (>= 4.4)
    FSharp.Core (4.3.4) - redirects: on
    FSharp.Formatting (2.14.4)
      FSharp.Compiler.Service (2.0.0.6)
      FSharpVSPowerTools.Core (>= 2.3 < 2.4)
    FSharpVSPowerTools.Core (2.3)
      FSharp.Compiler.Service (>= 2.0.0.3)
    Microsoft.NETCore.Platforms (2.0.1)
    NETStandard.Library (2.0.1)
      Microsoft.NETCore.Platforms (>= 1.1)
      System.Runtime.InteropServices.RuntimeInformation (>= 4.3)
    NUnit (2.6.4)
    NUnit.Runners (2.6.4)
    Octokit (0.22)
    SourceLink.Fake (1.1)
    System.Runtime.InteropServices.RuntimeInformation (4.3)
    System.ValueTuple (4.4)
      NETStandard.Library (>= 1.6.1)
GITHUB
  remote: fsharp/FAKE
    modules/Octokit/Octokit.fsx (a769b9ef31de04ecb7a18d07f235eebe0d458826)
      Octokit (>= 0.20)
  remote: fsprojects/FSharpx.Collections
    src/FSharpx.Collections/CircularBuffer.fs (013628b8d5765300aaa479777f6cbcfbf09de3b9)